ObjectType = Image
NDims = 3
BinaryData = True
BinaryDataByteOrderMSB = False
CompressedData = False
TransformMatrix = 1 0 0 0 1 0 0 0 1
Offset = -196 -113 -865.5
CenterOfRotation = 0 0 0
AnatomicalOrientation = RAI
ElementSpacing = 4 4 4
DimSize = 105 73 90
ElementType = MET_SHORT
ElementDataFile = patient-lung-4mm.raw
