ObjectType = Image
NDims = 3
BinaryData = True
BinaryDataByteOrderMSB = False
CompressedData = False
TransformMatrix = 1 0 0 0 1 0 0 0 1
Offset = 2.2090299999999998 2.2090299999999998 0.5
CenterOfRotation = 0 0 0
AnatomicalOrientation = RAI
ElementSpacing = 4.4180599999999997 4.4180599999999997 1
ITK_InputFilterName = MetaImageIO
DimSize = 128 128 4
ElementType = MET_USHORT
ElementDataFile = projection.raw
