ObjectType = Image
NDims = 3
BinaryData = True
BinaryDataByteOrderMSB = False
CompressedData = False
TransformMatrix = 1 0 0 0 1 0 0 0 1
Offset = -248.488 -104.933 -378.625
CenterOfRotation = 0 0 0
AnatomicalOrientation = RAI
ElementSpacing = 4 4 4
DimSize = 124 72 190
ElementType = MET_SHORT
ElementDataFile = ct1-4mm.raw
