ObjectType = Image
NDims = 3
BinaryData = True
BinaryDataByteOrderMSB = False
CompressedData = False
TransformMatrix = 1 0 0 0 1 0 0 0 1
Offset = -281.847 -279.547 -460.547
CenterOfRotation = 0 0 0
AnatomicalOrientation = RAI
ElementSpacing = 4.41806 4.41806 4.41806
DimSize = 128 128 209
ElementType = MET_FLOAT
ElementDataFile = spect-jm.raw
